GEM
  remote: https://rubygems.org/
  specs:
    actionmailer (4.1.5)
      actionpack (= 4.1.5)
      actionview (= 4.1.5)
      mail (~> 2.5.4)
    actionpack (4.1.5)
      actionview (= 4.1.5)
      activesupport (= 4.1.5)
      rack (~> 1.5.2)
      rack-test (~> 0.6.2)
    actionview (4.1.5)
      activesupport (= 4.1.5)
      builder (~> 3.1)
      erubis (~> 2.7.0)
    activemodel (4.1.5)
      activesupport (= 4.1.5)
      builder (~> 3.1)
    activerecord (4.1.5)
      activemodel (= 4.1.5)
      activesupport (= 4.1.5)
      arel (~> 5.0.0)
    activesupport (4.1.5)
      i18n (~> 0.6, >= 0.6.9)
      json (~> 1.7, >= 1.7.7)
      minitest (~> 5.1)
      thread_safe (~> 0.1)
      tzinfo (~> 1.1)
    arel (5.0.1.20140414130214)
    autoprefixer-rails (5.1.11)
      execjs
      json
    aws-sdk (2.0.43)
      aws-sdk-resources (= 2.0.43)
    aws-sdk-core (2.0.43)
      builder (~> 3.0)
      jmespath (~> 1.0)
      multi_json (~> 1.0)
    aws-sdk-resources (2.0.43)
      aws-sdk-core (= 2.0.43)
    bootstrap-sass (3.2.0.2)
      sass (~> 3.2)
    builder (3.2.2)
    capistrano (3.4.0)
      i18n
      rake (>= 10.0.0)
      sshkit (~> 1.3)
    capistrano-bundler (1.1.4)
      capistrano (~> 3.1)
      sshkit (~> 1.2)
    capistrano-passenger (0.0.5)
      capistrano (~> 3.0)
    capistrano-rails (1.1.2)
      capistrano (~> 3.1)
      capistrano-bundler (~> 1.1)
    capistrano-rvm (0.1.2)
      capistrano (~> 3.0)
      sshkit (~> 1.2)
    coffee-rails (4.0.1)
      coffee-script (>= 2.2.0)
      railties (>= 4.0.0, < 5.0)
    coffee-script (2.4.1)
      coffee-script-source
      execjs
    coffee-script-source (1.9.1)
    colorize (0.7.5)
    erubis (2.7.0)
    execjs (2.5.1)
    gon (5.2.3)
      actionpack (>= 2.3.0)
      json
      multi_json
      request_store (>= 1.0.5)
    hike (1.2.3)
    i18n (0.7.0)
    jbuilder (2.2.12)
      activesupport (>= 3.0.0, < 5)
      multi_json (~> 1.2)
    jmespath (1.0.2)
      multi_json (~> 1.0)
    jquery-minicolors-rails (2.1.4.0)
      jquery-rails
      rails (>= 3.2.8)
    jquery-rails (3.1.2)
      railties (>= 3.0, < 5.0)
      thor (>= 0.14, < 2.0)
    jquery-turbolinks (2.1.0)
      railties (>= 3.1.0)
      turbolinks
    jquery-ui-rails (5.0.3)
      railties (>= 3.2.16)
    json (1.8.2)
    libv8 (3.16.14.7)
    mail (2.5.4)
      mime-types (~> 1.16)
      treetop (~> 1.4.8)
    mime-types (1.25.1)
    minitest (5.5.1)
    multi_json (1.11.0)
    mysql2 (0.3.18)
    net-scp (1.2.1)
      net-ssh (>= 2.6.5)
    net-ssh (2.9.2)
    numeraljs-rails (1.4.5.0)
    polyglot (0.3.5)
    rack (1.5.2)
    rack-test (0.6.3)
      rack (>= 1.0)
    rails (4.1.5)
      actionmailer (= 4.1.5)
      actionpack (= 4.1.5)
      actionview (= 4.1.5)
      activemodel (= 4.1.5)
      activerecord (= 4.1.5)
      activesupport (= 4.1.5)
      bundler (>= 1.3.0, < 2.0)
      railties (= 4.1.5)
      sprockets-rails (~> 2.0)
    railties (4.1.5)
      actionpack (= 4.1.5)
      activesupport (= 4.1.5)
      rake (>= 0.8.7)
      thor (>= 0.18.1, < 2.0)
    rake (10.4.2)
    rdoc (4.2.0)
    redis (3.2.1)
    ref (1.0.5)
    request_store (1.1.0)
    rufus-scheduler (3.1.1)
    sass (3.2.19)
    sass-rails (4.0.5)
      railties (>= 4.0.0, < 5.0)
      sass (~> 3.2.2)
      sprockets (~> 2.8, < 3.0)
      sprockets-rails (~> 2.0)
    sdoc (0.4.1)
      json (~> 1.7, >= 1.7.7)
      rdoc (~> 4.0)
    spring (1.3.4)
    sprockets (2.12.3)
      hike (~> 1.2)
      multi_json (~> 1.0)
      rack (~> 1.0)
      tilt (~> 1.1, != 1.3.0)
    sprockets-rails (2.2.4)
      actionpack (>= 3.0)
      activesupport (>= 3.0)
      sprockets (>= 2.8, < 4.0)
    sqlite3 (1.3.10)
    sshkit (1.7.1)
      colorize (>= 0.7.0)
      net-scp (>= 1.1.2)
      net-ssh (>= 2.8.0)
    therubyracer (0.12.1)
      libv8 (~> 3.16.14.0)
      ref
    thor (0.19.1)
    thread_safe (0.3.5)
    tilt (1.4.1)
    treetop (1.4.15)
      polyglot
      polyglot (>= 0.3.1)
    turbolinks (2.5.3)
      coffee-rails
    tzinfo (1.2.2)
      thread_safe (~> 0.1)
    uglifier (2.7.1)
      execjs (>= 0.3.0)
      json (>= 1.8.0)

PLATFORMS
  ruby

DEPENDENCIES
  autoprefixer-rails
  aws-sdk (~> 2.0.43)
  bootstrap-sass (~> 3.2.0)
  capistrano (~> 3.1)
  capistrano-bundler (~> 1.1.4)
  capistrano-passenger (>= 0.0.5)
  capistrano-rails (~> 1.1)
  capistrano-rvm
  coffee-rails (~> 4.0.0)
  gon (~> 5.2.3)
  jbuilder (~> 2.0)
  jquery-minicolors-rails
  jquery-rails
  jquery-turbolinks (~> 2.1.0)
  jquery-ui-rails
  mysql2 (~> 0.3.18)
  numeraljs-rails (~> 1.4.5.0)
  rails (= 4.1.5)
  redis (~> 3.2.1)
  rufus-scheduler (~> 3.1.1)
  sass-rails (~> 4.0.3)
  sdoc (~> 0.4.0)
  spring
  sqlite3
  therubyracer
  turbolinks
  uglifier (>= 1.3.0)
